GEM
  remote: http://rubygems.org/
  specs:
    capistrano (2.14.2)
      highline
      net-scp (>= 1.0.0)
      net-sftp (>= 2.0.0)
      net-ssh (>= 2.0.14)
      net-ssh-gateway (>= 1.1.0)
    capistrano-node-deploy (1.2.2)
      multi_json (~> 1.3.6)
      railsless-deploy (~> 1.0.2)
    codebase4 (1.0.16)
      json (>= 1.1.5)
    highline (1.6.15)
    json (1.7.7)
    multi_json (1.3.7)
    net-scp (1.1.0)
      net-ssh (>= 2.6.5)
    net-sftp (2.1.1)
      net-ssh (>= 2.6.5)
    net-ssh (2.6.5)
    net-ssh-gateway (1.2.0)
      net-ssh (>= 2.6.5)
    railsless-deploy (1.0.2)

PLATFORMS
  ruby

DEPENDENCIES
  capistrano
  capistrano-node-deploy
  codebase4
